GEM
  remote: http://rubygems.org/
  specs:
    json (1.5.3)
    little-plugger (1.1.2)
    logging (1.5.1)
      little-plugger (>= 1.1.2)
    mysql (2.8.1)
    pg (0.11.0)
    rack (1.3.0)
    redis (2.2.1)
    redis-namespace (1.0.3)
      redis (< 3.0.0)
    resque (1.17.1)
      json (>= 1.4.6, < 1.6)
      redis-namespace (~> 1.0.2)
      sinatra (>= 0.9.2)
      vegas (~> 0.1.2)
    sequel (3.24.1)
    sinatra (1.2.6)
      rack (~> 1.1)
      tilt (>= 1.2.2, < 2.0)
    tilt (1.3.2)
    vegas (0.1.8)
      rack (>= 1.0.0)

PLATFORMS
  ruby

DEPENDENCIES
  logging
  mysql
  pg
  rack
  resque
  sequel
  sinatra
